GEM
  remote: https://rubygems.org/
  specs:
    diff-lcs (1.2.4)
    em-zeromq (0.4.2)
      eventmachine (>= 1.0.0)
      ffi (>= 1.0.0)
      ffi-rzmq (~> 1.0.1)
    eventmachine (1.0.3)
    ffi (1.9.3)
    ffi-rzmq (1.0.3)
      ffi
    rspec (2.14.1)
      rspec-core (~> 2.14.0)
      rspec-expectations (~> 2.14.0)
      rspec-mocks (~> 2.14.0)
    rspec-core (2.14.7)
    rspec-expectations (2.14.4)
      diff-lcs (>= 1.1.3, < 2.0)
    rspec-mocks (2.14.4)
    ruby-trade (0.4)
      em-zeromq

PLATFORMS
  ruby

DEPENDENCIES
  rspec
  ruby-trade
